GEM
  remote: https://rubygems.org/
  specs:
    ast (2.4.2)
    bundler-audit (0.9.1)
      bundler (>= 1.2.0, < 3)
      thor (~> 1.0)
    coderay (1.1.3)
    ffi (1.15.5)
    figaro (1.2.0)
      thor (>= 0.14.0, < 2)
    hirb (0.7.3)
    json (2.6.3)
    listen (3.8.0)
      rb-fsevent (~> 0.10, >= 0.10.3)
      rb-inotify (~> 0.9, >= 0.9.10)
    method_source (1.0.0)
    minitest (5.18.0)
    minitest-rg (5.2.0)
      minitest (~> 5.0)
    nio4r (2.5.9)
    parallel (1.22.1)
    parser (3.2.2.0)
      ast (~> 2.4.1)
    pry (0.14.2)
      coderay (~> 1.1)
      method_source (~> 1.0)
    puma (5.6.5)
      nio4r (~> 2.0)
    rack (3.0.7)
    rack-test (2.1.0)
      rack (>= 1.3)
    rainbow (3.1.1)
    rake (13.0.6)
    rb-fsevent (0.11.2)
    rb-inotify (0.10.1)
      ffi (~> 1.0)
    rbnacl (7.1.1)
      ffi
    regexp_parser (2.7.0)
    rerun (0.14.0)
      listen (~> 3.0)
    rexml (3.2.5)
    roda (3.66.0)
      rack
    rubocop (1.49.0)
      json (~> 2.3)
      parallel (~> 1.10)
      parser (>= 3.2.0.0)
      rainbow (>= 2.2.2, < 4.0)
      regexp_parser (>= 1.8, < 3.0)
      rexml (>= 3.2.5, < 4.0)
      rubocop-ast (>= 1.28.0, < 2.0)
      ruby-progressbar (~> 1.7)
      unicode-display_width (>= 2.4.0, < 3.0)
    rubocop-ast (1.28.0)
      parser (>= 3.2.1.0)
    rubocop-performance (1.16.0)
      rubocop (>= 1.7.0, < 2.0)
      rubocop-ast (>= 0.4.0)
    ruby-progressbar (1.13.0)
    sequel (5.67.0)
    sqlite3 (1.6.2-arm64-darwin)
    sqlite3 (1.6.2-x86_64-darwin)
    thor (1.2.1)
    unicode-display_width (2.4.2)

PLATFORMS
  arm64-darwin-21
  arm64-darwin-22
  x86_64-darwin-20

DEPENDENCIES
  bundler-audit
  figaro (~> 1.2)
  hirb (~> 0.7)
  json
  minitest
  minitest-rg
  pry
  puma (~> 5.6)
  rack-test
  rake (~> 13.0)
  rbnacl (~> 7.1)
  rerun
  roda (~> 3.54)
  rubocop
  rubocop-performance
  sequel (~> 5.67)
  sqlite3 (~> 1.6)

BUNDLED WITH
   2.3.7
